GEM
  remote: http://rubygems.org/
  specs:
    activemodel (3.0.5)
      activesupport (= 3.0.5)
      builder (~> 2.1.2)
      i18n (~> 0.4)
    activerecord (3.0.5)
      activemodel (= 3.0.5)
      activesupport (= 3.0.5)
      arel (~> 2.0.2)
      tzinfo (~> 0.3.23)
    activesupport (3.0.5)
    arel (2.0.9)
    builder (2.1.2)
    diff-lcs (1.1.3)
    git (1.2.5)
    i18n (0.5.0)
    jeweler (1.8.3)
      bundler (~> 1.0)
      git (>= 1.2.5)
      rake
      rdoc
    json (1.6.5)
    rake (0.9.2.2)
    rcov (0.9.10)
    rdoc (3.12)
      json (~> 1.4)
    rspec (2.8.0)
      rspec-core (~> 2.8.0)
      rspec-expectations (~> 2.8.0)
      rspec-mocks (~> 2.8.0)
    rspec-core (2.8.0)
    rspec-expectations (2.8.0)
      diff-lcs (~> 1.1.2)
    rspec-mocks (2.8.0)
    sqlite3 (1.3.3)
    tzinfo (0.3.24)

PLATFORMS
  ruby

DEPENDENCIES
  activerecord
  bundler (~> 1.0.0)
  jeweler (~> 1.8.3)
  rcov
  rdoc (~> 3.12)
  rspec (~> 2.8.0)
  sqlite3
